GEM
  remote: https://rubygems.org/
  specs:
    slack-notifier (1.5.1)
    sqlite3 (1.3.11)

PLATFORMS
  ruby

DEPENDENCIES
  slack-notifier
  sqlite3

RUBY VERSION
   ruby 2.3.1p112

BUNDLED WITH
   1.12.3
